GEM
  remote: https://rubygems.org/
  specs:
    mini_portile (0.5.2)
    nokogiri (1.6.0)
      mini_portile (~> 0.5.0)
    pandoc-ruby (0.7.5)

PLATFORMS
  ruby

DEPENDENCIES
  nokogiri
  pandoc-ruby
